GEM
  remote: https://rubygems.org/
  specs:
    icodi (0.1.3)
      victor (~> 0.2)
    multi_json (1.15.0)
    mustermann (1.1.1)
      ruby2_keywords (~> 0.0.1)
    nio4r (2.5.7)
    puma (4.3.8)
      nio4r (~> 2.0)
    rack (2.2.3)
    rack-protection (2.1.0)
      rack
    ruby2_keywords (0.0.4)
    sinatra (2.1.0)
      mustermann (~> 1.0)
      rack (~> 2.2)
      rack-protection (= 2.1.0)
      tilt (~> 2.0)
    sinatra-contrib (2.1.0)
      multi_json
      mustermann (~> 1.0)
      rack-protection (= 2.1.0)
      sinatra (= 2.1.0)
      tilt (~> 2.0)
    tilt (2.0.10)
    victor (0.3.3)

PLATFORMS
  ruby

DEPENDENCIES
  icodi
  puma (< 5.0)
  sinatra
  sinatra-contrib

BUNDLED WITH
   2.2.16
