GEM
  remote: https://rubygems.org/
  specs:
    icodi (0.1.3)
      victor (~> 0.2)
    mustermann (3.0.0)
      ruby2_keywords (~> 0.0.1)
    nio4r (2.5.8)
    puma (6.1.0)
      nio4r (~> 2.0)
    rack (2.2.6.2)
    rack-protection (3.0.5)
      rack
    ruby2_keywords (0.0.5)
    sinatra (3.0.5)
      mustermann (~> 3.0)
      rack (~> 2.2, >= 2.2.4)
      rack-protection (= 3.0.5)
      tilt (~> 2.0)
    tilt (2.1.0)
    victor (0.3.4)

PLATFORMS
  ruby

DEPENDENCIES
  icodi
  puma
  sinatra

BUNDLED WITH
   2.4.7
